GEM
  remote: https://rubygems.org/
  specs:
    awesome_print (1.8.0)
    backports (3.11.0)
    builder (3.2.3)
    calabash-android (0.5.2)
      awesome_print
      cucumber
      escape (~> 0.0.4)
      httpclient (~> 2.3.2)
      json
      retriable (~> 1.3.3.1)
      rubyzip (~> 1.1)
      slowhandcuke
    cucumber (3.1.0)
      builder (>= 2.1.2)
      cucumber-core (~> 3.1.0)
      cucumber-expressions (~> 5.0.4)
      cucumber-wire (~> 0.0.1)
      diff-lcs (~> 1.3)
      gherkin (~> 5.0)
      multi_json (>= 1.7.5, < 2.0)
      multi_test (>= 0.1.2)
    cucumber-core (3.1.0)
      backports (>= 3.8.0)
      cucumber-tag_expressions (~> 1.1.0)
      gherkin (>= 5.0.0)
    cucumber-expressions (5.0.13)
    cucumber-tag_expressions (1.1.1)
    cucumber-wire (0.0.1)
    diff-lcs (1.3)
    escape (0.0.4)
    gherkin (5.0.0)
    httpclient (2.3.4.1)
    json (2.0.2)
    multi_json (1.13.1)
    multi_test (0.1.2)
    retriable (1.3.3.1)
    rubyzip (1.2.1)
    slowhandcuke (0.0.3)
      cucumber

PLATFORMS
  ruby

DEPENDENCIES
  calabash-android
  cucumber
  json (= 2.0.2)

BUNDLED WITH
   1.16.1
